GEM
  remote: http://rubygems.org/
  specs:
    rake (10.3.2)
    sass (3.3.0)
      rake

PLATFORMS
  ruby

DEPENDENCIES
  sass (= 3.3)
